GEM
  remote: https://rubygems.org/
  specs:
    chunky_png (1.3.1)
    compass (0.12.6)
      chunky_png (~> 1.2)
      fssm (>= 0.2.7)
      sass (~> 3.2.19)
    dotenv (0.9.0)
    erubis (2.7.0)
    foreman (0.63.0)
      dotenv (>= 0.7)
      thor (>= 0.13.6)
    fssm (0.2.10)
    httpclient (2.3.4.1)
    json (1.8.1)
    macaddr (1.7.1)
      systemu (~> 2.6.2)
    multi_json (1.10.1)
    pusher (0.12.0)
      httpclient (~> 2.3.0)
      multi_json (~> 1.0)
      signature (~> 0.1.6)
    rack (1.5.2)
    rack-protection (1.5.3)
      rack
    sass (3.2.19)
    signature (0.1.7)
    sinatra (1.4.5)
      rack (~> 1.4)
      rack-protection (~> 1.4)
      tilt (~> 1.3, >= 1.3.4)
    systemu (2.6.4)
    thor (0.19.1)
    tilt (1.4.1)
    uuid (2.3.7)
      macaddr (~> 1.0)

PLATFORMS
  ruby

DEPENDENCIES
  compass
  erubis
  foreman
  json
  pusher
  sinatra
  uuid
